GEM
  remote: https://rubygems.org/
  specs:
    nagiosplugin (2.1.1)
    slop (3.5.0)

PLATFORMS
  ruby

DEPENDENCIES
  nagiosplugin
  slop
